GEM
  remote: https://rubygems.org/
  specs:
    coffee-script (2.2.0)
      coffee-script-source
      execjs
    coffee-script-source (1.7.0)
    execjs (2.0.2)
    haml (3.1.7)
    rack (1.5.2)
    sass (3.2.14)
    sinatra (1.1.0)
      rack (~> 1.1)
      tilt (~> 1.1)
    sinatra-flash (0.3.0)
      sinatra (>= 1.0.0)
    tilt (1.4.1)

PLATFORMS
  ruby

DEPENDENCIES
  coffee-script (= 2.2.0)
  haml (= 3.1.7)
  sass (= 3.2.14)
  sinatra (= 1.1.0)
  sinatra-flash (= 0.3.0)
