GEM
  remote: https://rubygems.org/
  specs:
    haml (3.1.7)
    rack (1.5.2)
    sinatra (1.1.0)
      rack (~> 1.1)
      tilt (~> 1.1)
    tilt (1.4.1)

PLATFORMS
  ruby

DEPENDENCIES
  haml (= 3.1.7)
  sinatra (= 1.1.0)
