GEM
  remote: https://rubygems.org/
  specs:
    haml (3.1.7)
    rack (1.5.2)
    sass (3.2.14)
    sinatra (1.1.0)
      rack (~> 1.1)
      tilt (~> 1.1)
    sinatra-flash (0.3.0)
      sinatra (>= 1.0.0)
    tilt (1.4.1)

PLATFORMS
  ruby

DEPENDENCIES
  haml (= 3.1.7)
  sass (= 3.2.14)
  sinatra (= 1.1.0)
  sinatra-flash (= 0.3.0)
